PATH
  remote: .
  specs:
    ruby-serializer (1.0.1)

GEM
  remote: http://rubygems.org/
  specs:
    awesome_print (1.7.0)
    byebug (9.0.5)
    minitest (5.9.0)
    rake (12.3.3)

PLATFORMS
  ruby

DEPENDENCIES
  awesome_print (~> 1.7)
  byebug (~> 9.0)
  minitest (~> 5.9)
  rake (~> 12.3)
  ruby-serializer!

BUNDLED WITH
   1.12.3
